GEM
  remote: https://rubygems.org/
  specs:
    autoprefixer-rails (5.1.7)
      execjs
      json
    bootstrap-sass (3.3.3)
      autoprefixer-rails (>= 5.0.0.1)
      sass (>= 3.2.19)
    execjs (2.3.0)
    json (1.8.2)
    sass (3.4.13)

PLATFORMS
  ruby

DEPENDENCIES
  bootstrap-sass (= 3.3.3)
